GEM
  remote: https://rubygems.org/
  specs:
    base64 (0.3.0)
    datadog (2.19.0)
      datadog-ruby_core_source (~> 3.4, >= 3.4.1)
      libdatadog (~> 18.1.0.1.0)
      libddwaf (~> 1.24.1.0.3)
      logger
      msgpack
    datadog-ruby_core_source (3.4.1)
    ffi (1.17.2-arm64-darwin)
    libdatadog (18.1.0.1.0)
    libddwaf (1.24.1.0.3-arm64-darwin)
      ffi (~> 1.0)
    logger (1.7.0)
    msgpack (1.8.0)
    mustermann (3.0.4)
      ruby2_keywords (~> 0.0.1)
    nio4r (2.7.4)
    puma (6.6.1)
      nio4r (~> 2.0)
    rack (3.2.0)
    rack-protection (4.1.1)
      base64 (>= 0.1.0)
      logger (>= 1.6.0)
      rack (>= 3.0.0, < 4)
    rack-session (2.1.1)
      base64 (>= 0.1.0)
      rack (>= 3.0.0)
    rackup (2.2.1)
      rack (>= 3)
    ruby2_keywords (0.0.5)
    sinatra (4.1.1)
      logger (>= 1.6.0)
      mustermann (~> 3.0)
      rack (>= 3.0.0, < 4)
      rack-protection (= 4.1.1)
      rack-session (>= 2.0.0, < 3)
      tilt (~> 2.0)
    tilt (2.6.1)

PLATFORMS
  arm64-darwin-23

DEPENDENCIES
  datadog
  puma
  rackup
  sinatra

BUNDLED WITH
   2.4.10
